GEM
  remote: https://rubygems.org/
  specs:
    ffi (1.9.10)
    jekyll-feed (0.5.1)
    jekyll-paginate (1.1.0)
    jekyll-watch (1.4.0)
      listen (~> 3.0, < 3.1)
    kramdown (1.11.1)
    listen (3.0.7)
      rb-fsevent (>= 0.9.3)
      rb-inotify (>= 0.9.7)
    materialize-sass (0.97.6)
      sass (~> 3.3)
    rb-fsevent (0.9.7)
    rb-inotify (0.9.7)
      ffi (>= 0.5.0)
    sass (3.4.22)

PLATFORMS
  ruby

DEPENDENCIES
  ffi
  jekyll-feed
  jekyll-paginate
  jekyll-watch
  kramdown
  materialize-sass

BUNDLED WITH
   1.12.3
